GEM
  remote: https://rubygems.org/
  specs:
    aws-sdk (2.5.8)
      aws-sdk-resources (= 2.5.8)
    aws-sdk-core (2.5.8)
      jmespath (~> 1.0)
    aws-sdk-resources (2.5.8)
      aws-sdk-core (= 2.5.8)
    jmespath (1.3.1)
    rake (12.3.3)

PLATFORMS
  ruby

DEPENDENCIES
  aws-sdk
  rake
